GEM
  remote: https://rubygems.org/
  specs:
    RedCloth (4.2.9)
    adsf (1.2.0)
      rack (>= 1.0.0)
    atom-tools (2.0.5)
    coderay (1.1.0)
    colored (1.2)
    cri (2.6.1)
      colored (~> 1.2)
    method_source (0.8.2)
    mini_portile (0.6.0)
    nanoc (3.7.3)
      cri (~> 2.3)
    nokogiri (1.6.3.1)
      mini_portile (= 0.6.0)
    pry (0.10.0)
      coderay (~> 1.1.0)
      method_source (~> 0.8.1)
      slop (~> 3.4)
    rack (1.5.2)
    slop (3.6.0)

PLATFORMS
  ruby

DEPENDENCIES
  RedCloth
  adsf
  atom-tools (~> 2.0.5)
  nanoc
  nokogiri
  pry
