GEM
  remote: https://rubygems.org/
  specs:
    atom-tools (2.0.5)
    colored (1.2)
    cri (2.6.1)
      colored (~> 1.2)
    nanoc (3.7.3)
      cri (~> 2.3)

PLATFORMS
  ruby

DEPENDENCIES
  atom-tools (~> 2.0.5)
  nanoc
